GEM
  remote: https://rubygems.org/
  specs:
    ethon (0.5.11)
      ffi (>= 1.3.0)
      mime-types (~> 1.18)
    faraday (0.8.7)
      multipart-post (~> 1.1)
    ffi (1.7.0-java)
    mime-types (1.22)
    multi_json (1.7.2)
    multipart-post (1.2.0)
    nokogiri (1.5.9-java)
    simple_oauth (0.2.0)
    twitter (4.6.2)
      faraday (~> 0.8, < 0.10)
      multi_json (~> 1.0)
      simple_oauth (~> 0.2)
    typhoeus (0.6.3)
      ethon (~> 0.5.11)

PLATFORMS
  java

DEPENDENCIES
  nokogiri
  twitter
  typhoeus
